PATH
  remote: .
  specs:
    terrimporter (0.6.5)
      kwalify (>= 0.7.2)

GEM
  remote: http://rubygems.org/
  specs:
    fakeweb (1.3.0)
    kwalify (0.7.2)
    rake (0.9.2)
    rcov (0.9.10)
    shoulda (2.11.3)

PLATFORMS
  ruby

DEPENDENCIES
  bundler (~> 1.0.0)
  fakeweb
  rake
  rcov
  shoulda
  terrimporter!
